GEM
  specs:
    ffi (1.0.11)
    guard (1.0.1)
      ffi (>= 0.5.0)
      thor (~> 0.14.6)
    guard-handlebars (0.0.3)
      guard (>= 0.4)
    thor (0.14.6)

PLATFORMS
  ruby

DEPENDENCIES
  guard-handlebars
